GEM
  remote: https://rubygems.org/
  specs:
    amq-protocol (2.0.1)
    bunny (2.6.1)
      amq-protocol (>= 2.0.1)
    digest (0.0.1)
    json (1.8.3)
    json (1.8.3-java)

PLATFORMS
  java
  ruby

DEPENDENCIES
  bunny
  digest
  json

BUNDLED WITH
   1.13.6
