GEM
  remote: https://rubygems.org/
  specs:
    amq-protocol (2.1.0)
    bunny (2.6.3)
      amq-protocol (>= 2.0.1)
    digest (0.0.1)
    json (2.0.3)
    json (2.0.3-java)

PLATFORMS
  java
  ruby

DEPENDENCIES
  bunny
  digest
  json

BUNDLED WITH
   1.14.4
