GEM
  remote: https://rubygems.org/
  specs:
    amq-protocol (2.0.1)
    bunny (2.6.2)
      amq-protocol (>= 2.0.1)
    digest (0.0.1)
    json (2.0.2)
    json (2.0.2-java)

PLATFORMS
  java
  ruby

DEPENDENCIES
  bunny
  digest
  json

BUNDLED WITH
   1.13.7
